GEM
  remote: http://rubygems.org/
  specs:
    activesupport (5.1.5)
      concurrent-ruby (~> 1.0, >= 1.0.2)
      i18n (~> 0.7)
      minitest (~> 5.1)
      tzinfo (~> 1.1)
    coderay (1.1.2)
    concurrent-ruby (1.0.5)
    i18n (0.9.5)
      concurrent-ruby (~> 1.0)
    jira-ruby (0.1.17)
      activesupport
      oauth (~> 0.4.7)
    method_source (0.9.2)
    minitest (5.11.3)
    oauth (0.4.7)
    pasteboard (1.0)
    pry (0.12.2)
      coderay (~> 1.1.0)
      method_source (~> 0.9.0)
    rb-scpt (1.0.2)
    terminal-notifier (1.5.1)
    thread_safe (0.3.6)
    tzinfo (1.2.5)
      thread_safe (~> 0.1)

PLATFORMS
  ruby

DEPENDENCIES
  jira-ruby (= 0.1.17)
  pasteboard
  pry
  rb-scpt
  terminal-notifier (= 1.5.1)

BUNDLED WITH
   1.16.5
